GEM
  remote: https://rubygems.org/
  specs:
    rack (1.5.2)
    sass (3.2.19)

PLATFORMS
  ruby

DEPENDENCIES
  rack
  sass
